GEM
  remote: https://rubygems.org/
  specs:
    rubocop-rails (2.25.1)
      activesupport (>= 4.2.0)
      rack (>= 1.1)
      rubocop (>= 1.33.0, < 2.0)
      rubocop-ast (>= 1.31.1, < 2.0)
    package-file-gemfile (1.65.1)
      json (~> 2.3)
    rubocop-ast (1.32.1)
      parser (>= 3.3.1.0)
    ruby-progressbar (1.13.0)

PLATFORMS
  arm64-darwin-22
  ruby

DEPENDENCIES
  rubocop (~> 1.65)
  rubocop-rails (~> 2.25)

BUNDLED WITH
   2.5.3
